PATH
  remote: .
  specs:
    yard-api (0.3.1)
      yard (= 0.8.7)
      yard-appendix

GEM
  remote: https://rubygems.org/
  specs:
    byebug (4.0.5)
      columnize (= 0.9.0)
    columnize (0.9.0)
    diff-lcs (1.2.5)
    gem-release (0.7.3)
    rspec (3.1.0)
      rspec-core (~> 3.1.0)
      rspec-expectations (~> 3.1.0)
      rspec-mocks (~> 3.1.0)
    rspec-core (3.1.2)
      rspec-support (~> 3.1.0)
    rspec-expectations (3.1.0)
      diff-lcs (>= 1.2.0, < 2.0)
      rspec-support (~> 3.1.0)
    rspec-mocks (3.1.0)
      rspec-support (~> 3.1.0)
    rspec-support (3.1.0)
    yard (0.8.7)
    yard-appendix (0.1.8)
      yard (>= 0.8.0)

PLATFORMS
  ruby

DEPENDENCIES
  byebug
  gem-release
  rspec
  yard-api!
