PATH
  remote: .
  specs:
    yard-api (0.3.7)
      yard (= 0.8.7)
      yard-appendix (~> 0.1.8)

GEM
  remote: https://rubygems.org/
  specs:
    diff-lcs (1.2.5)
    gem-release (0.7.3)
    rspec (3.3.0)
      rspec-core (~> 3.3.0)
      rspec-expectations (~> 3.3.0)
      rspec-mocks (~> 3.3.0)
    rspec-core (3.3.2)
      rspec-support (~> 3.3.0)
    rspec-expectations (3.3.1)
      diff-lcs (>= 1.2.0, < 2.0)
      rspec-support (~> 3.3.0)
    rspec-mocks (3.3.2)
      diff-lcs (>= 1.2.0, < 2.0)
      rspec-support (~> 3.3.0)
    rspec-support (3.3.0)
    yard (0.8.7)
    yard-appendix (0.1.8)
      yard (>= 0.8.0)

PLATFORMS
  ruby

DEPENDENCIES
  gem-release
  rspec (~> 3.3)
  yard-api!

BUNDLED WITH
   1.16.2
