PATH
  remote: ../..
  specs:
    yard-api (0.3.6)
      yard (= 0.8.7)
      yard-appendix

GEM
  remote: https://rubygems.org/
  specs:
    appraisal (2.2.0)
      bundler
      rake
      thor (>= 0.14.0)
    rake (12.3.1)
    thor (0.20.0)
    yard (0.8.7)
    yard-appendix (0.1.8)
      yard (>= 0.8.0)

PLATFORMS
  ruby

DEPENDENCIES
  appraisal
  yard-api!

BUNDLED WITH
   1.16.2
